GEM
  remote: https://rubygems.org/
  specs:
    faraday (1.0.1)
      multipart-post (>= 1.2, < 3)
    faraday_middleware (1.0.0)
      faraday (~> 1.0)
    multipart-post (2.1.1)
    prometheus-client (2.0.0)

PLATFORMS
  ruby

DEPENDENCIES
  faraday
  faraday_middleware
  prometheus-client

BUNDLED WITH
   2.1.4
